GEM
  remote: https://rubygems.org/
  specs:
    git (1.11.0)
      rchardet (~> 1.8)
    httparty (0.20.0)
      mime-types (~> 3.0)
      multi_xml (>= 0.5.2)
    mime-types (3.3.1)
      mime-types-data (~> 3.2015)
    mime-types-data (3.2020.0512)
    multi_xml (0.6.0)
    rchardet (1.8.0)

PLATFORMS
  x86_64-darwin-20

DEPENDENCIES
  git
  httparty

BUNDLED WITH
   2.2.6
